GEM
  remote: https://rubygems.org/
  specs:
    awesome_print (1.1.0)
    curb (0.8.4)

PLATFORMS
  ruby

DEPENDENCIES
  awesome_print
  curb (~> 0.8.4)
